GEM
  remote: https://rubygems.org/
  specs:
    addressable (2.8.7)
      public_suffix (>= 2.0.2, < 7.0)
    bigdecimal (3.1.9)
    byebug (11.1.3)
    cgi (0.4.1)
    connection_pool (2.5.0)
    dry-inflector (1.1.0)
    erb (4.0.4)
      cgi (>= 0.3.3)
    google-protobuf (4.29.2)
      bigdecimal
      rake (>= 13)
    googleapis-common-protos-types (1.16.0)
      google-protobuf (>= 3.18, < 5.a)
    grpc (1.68.1)
      google-protobuf (>= 3.25, < 5.0)
      googleapis-common-protos-types (~> 1.0)
    grpc-tools (1.68.1)
    json (2.9.1)
    json-schema (2.8.1)
      addressable (>= 2.4)
    nio4r (2.7.4)
    public_suffix (6.0.1)
    puma (6.5.0)
      nio4r (~> 2.0)
    rack (3.1.8)
    rackup (2.2.1)
      rack (>= 3)
    rake (13.2.1)
    redis (5.3.0)
      redis-client (>= 0.22.0)
    redis-client (0.23.2)
      connection_pool
    roda (3.87.0)
      rack
    strum-json (0.0.7)
      dry-inflector (~> 1.0)
      json (~> 2.3)
      json-schema (~> 2.8.1)
      strum-service (~> 0.1)
    strum-pipe (0.0.4)
      strum-service (~> 0.1)
    strum-service (0.2.4)
    yaml (0.4.0)

PLATFORMS
  ruby
  x86_64-linux

DEPENDENCIES
  bigdecimal
  bundler
  byebug
  cgi
  erb
  grpc
  grpc-tools
  json
  puma
  rack
  rackup
  redis
  roda
  strum-json (~> 0.0.5)
  strum-pipe (~> 0.0.4)
  strum-service (~> 0.2.2)
  yaml

BUNDLED WITH
   2.6.2
